GEM
  remote: https://rubygems.org/
  specs:
    coderay (1.1.0)
    colored (1.2)
    metaclass (0.0.2)
    method_source (0.8.2)
    minitest (5.2.3)
    mocha (1.0.0)
      metaclass (~> 0.0.1)
    parallel (0.9.2)
    pry (0.9.12.6)
      coderay (~> 1.0)
      method_source (~> 0.8)
      slop (~> 3.4)
    slop (3.4.7)

PLATFORMS
  ruby

DEPENDENCIES
  colored
  minitest
  mocha
  parallel
  pry
